PATH
  remote: .
  specs:
    gmail_xoauth (0.4.2)
      oauth (>= 0.3.6)

GEM
  remote: https://rubygems.org/
  specs:
    activesupport (3.2.8)
      i18n (~> 0.6)
      multi_json (~> 1.0)
    i18n (0.6.1)
    mocha (1.10.0)
    multi_json (1.3.6)
    oauth (0.5.4)
    shoulda (3.1.1)
      shoulda-context (~> 1.0)
      shoulda-matchers (~> 1.2)
    shoulda-context (1.0.0)
    shoulda-matchers (1.3.0)
      activesupport (>= 3.0.0)

PLATFORMS
  ruby

DEPENDENCIES
  gmail_xoauth!
  mocha
  shoulda

BUNDLED WITH
   1.11.2
